GEM
  remote: https://rubygems.org/
  specs:
    coderay (1.1.0)
    httparty (0.13.1)
      json (~> 1.8)
      multi_xml (>= 0.5.2)
    json (1.8.1)
    method_source (0.8.2)
    mini_portile (0.5.3)
    multi_xml (0.5.5)
    musicbrainz (0.5.2)
      nokogiri
    nokogiri (1.6.1)
      mini_portile (~> 0.5.0)
    pry (0.9.12.6)
      coderay (~> 1.0)
      method_source (~> 0.8)
      slop (~> 3.4)
    slop (3.5.0)

PLATFORMS
  ruby

DEPENDENCIES
  httparty
  musicbrainz (= 0.5.2)
  pry
